PATH
  remote: ./
  specs:
    alml (0.1.0)
      activesupport (~> 3.0.7)

GEM
  remote: http://rubygems.org/
  specs:
    activesupport (3.0.7)
    i18n (0.5.0)

PLATFORMS
  ruby

DEPENDENCIES
  activesupport (~> 3.0.7)
  alml!
  i18n
